GIT
  remote: git://github.com/justinfrench/formtastic.git
  revision: b926118bd648bdc832fbf434d73cb72148e6f110
  specs:
    formtastic (2.0.1)
      actionpack (~> 3.0)

GEM
  remote: http://rubygems.org/
  specs:
    actionmailer (3.1.1)
      actionpack (= 3.1.1)
      mail (~> 2.3.0)
    actionpack (3.1.1)
      activemodel (= 3.1.1)
      activesupport (= 3.1.1)
      builder (~> 3.0.0)
      erubis (~> 2.7.0)
      i18n (~> 0.6)
      rack (~> 1.3.2)
      rack-cache (~> 1.1)
      rack-mount (~> 0.8.2)
      rack-test (~> 0.6.1)
      sprockets (~> 2.0.2)
    activemodel (3.1.1)
      activesupport (= 3.1.1)
      builder (~> 3.0.0)
      i18n (~> 0.6)
    activerecord (3.1.1)
      activemodel (= 3.1.1)
      activesupport (= 3.1.1)
      arel (~> 2.2.1)
      tzinfo (~> 0.3.29)
    activeresource (3.1.1)
      activemodel (= 3.1.1)
      activesupport (= 3.1.1)
    activesupport (3.1.1)
      multi_json (~> 1.0)
    addressable (2.2.6)
    ansi (1.3.0)
    arel (2.2.1)
    bcrypt-ruby (3.0.1)
    bson (1.4.1)
    builder (3.0.0)
    cancan (1.6.7)
    coffee-rails (3.1.1)
      coffee-script (>= 2.2.0)
      railties (~> 3.1.0)
    coffee-script (2.2.0)
      coffee-script-source
      execjs
    coffee-script-source (1.1.2)
    erubis (2.7.0)
    execjs (1.2.9)
      multi_json (~> 1.0)
    faraday (0.6.1)
      addressable (~> 2.2.4)
      multipart-post (~> 1.1.0)
      rack (>= 1.1.0, < 2)
    geocoder (1.0.5)
    haml (3.1.3)
    haml-rails (0.3.4)
      actionpack (~> 3.0)
      activesupport (~> 3.0)
      haml (~> 3.0)
      railties (~> 3.0)
    hike (1.2.1)
    i18n (0.6.0)
    jquery-rails (1.0.16)
      railties (~> 3.0)
      thor (~> 0.14)
    json (1.6.1)
    mail (2.3.0)
      i18n (>= 0.4.0)
      mime-types (~> 1.16)
      treetop (~> 1.4.8)
    metaclass (0.0.1)
    mime-types (1.17.2)
    mocha (0.10.0)
      metaclass (~> 0.0.1)
    mongo (1.4.1)
      bson (= 1.4.1)
    mongo_mapper (0.9.2)
      activemodel (~> 3.0)
      activesupport (~> 3.0)
      plucky (~> 0.3.8)
    multi_json (1.0.3)
    multipart-post (1.1.3)
    nifty-generators (0.4.6)
    oauth (0.4.5)
    oauth2 (0.4.1)
      faraday (~> 0.6.1)
      multi_json (>= 0.0.5)
    plucky (0.3.8)
      mongo (~> 1.3)
    polyglot (0.3.2)
    rack (1.3.3)
    rack-cache (1.1)
      rack (>= 0.4)
    rack-mount (0.8.3)
      rack (>= 1.0.0)
    rack-ssl (1.3.2)
      rack
    rack-test (0.6.1)
      rack (>= 1.0)
    rails (3.1.1)
      actionmailer (= 3.1.1)
      actionpack (= 3.1.1)
      activerecord (= 3.1.1)
      activeresource (= 3.1.1)
      activesupport (= 3.1.1)
      bundler (~> 1.0)
      railties (= 3.1.1)
    railties (3.1.1)
      actionpack (= 3.1.1)
      activesupport (= 3.1.1)
      rack-ssl (~> 1.3.2)
      rake (>= 0.8.7)
      rdoc (~> 3.4)
      thor (~> 0.14.6)
    rake (0.9.2.2)
    rdoc (3.11)
      json (~> 1.4)
    sass (3.1.10)
    sass-rails (3.1.4)
      actionpack (~> 3.1.0)
      railties (~> 3.1.0)
      sass (>= 3.1.4)
      sprockets (~> 2.0.0)
      tilt (~> 1.3.2)
    sorcery (0.7.2)
      bcrypt-ruby (~> 3.0.0)
      mongo_mapper
      oauth (~> 0.4.4)
      oauth (~> 0.4.4)
      oauth2 (~> 0.4.1)
      oauth2 (~> 0.4.1)
    sprockets (2.0.3)
      hike (~> 1.2)
      rack (~> 1.0)
      tilt (~> 1.1, != 1.3.0)
    sqlite3 (1.3.4)
    thor (0.14.6)
    tilt (1.3.3)
    treetop (1.4.10)
      polyglot
      polyglot (>= 0.3.1)
    turn (0.8.3)
      ansi
    tzinfo (0.3.30)
    uglifier (1.0.4)
      execjs (>= 0.3.0)
      multi_json (>= 1.0.2)

PLATFORMS
  ruby

DEPENDENCIES
  cancan
  coffee-rails (~> 3.1.1)
  formtastic!
  geocoder
  haml-rails
  jquery-rails
  mocha
  nifty-generators
  rack (= 1.3.3)
  rails (= 3.1.1)
  sass-rails (~> 3.1.1)
  sorcery
  sqlite3
  turn
  uglifier
